GEM
  remote: https://rubygems.org/
  specs:
    singleton (0.1.1)
    sqlite3 (1.6.3-x86_64-linux)

PLATFORMS
  x86_64-linux

DEPENDENCIES
  singleton
  sqlite3

BUNDLED WITH
   2.4.14
